GEM
  remote: https://rubygems.org/
  specs:
    rmagick (2.16.0)

PLATFORMS
  ruby

DEPENDENCIES
  rmagick (~> 2.16)

BUNDLED WITH
   1.13.7
